GEM
  remote: http://rubygems.org/
  specs:
    rack (1.2.2)
    sequel (3.23.0)
    shotgun (0.9)
      rack (>= 1.0)
    sinatra (1.2.6)
      rack (~> 1.1)
      tilt (>= 1.2.2, < 2.0)
    sqlite3 (1.3.3)
    tilt (1.3)

PLATFORMS
  ruby

DEPENDENCIES
  sequel
  shotgun
  sinatra
  sqlite3
