GEM
  remote: http://rubygems.org/
  specs:
    daemons (1.2.2)
    eventmachine (1.0.7)
    pg (0.18.2)
    rack (1.6.12)
    sequel (3.23.0)
    shotgun (0.9)
      rack (>= 1.0)
    sinatra (1.2.6)
      rack (~> 1.1)
      tilt (>= 1.2.2, < 2.0)
    sqlite3 (1.3.3)
    thin (1.6.3)
      daemons (~> 1.0, >= 1.0.9)
      eventmachine (~> 1.0)
      rack (~> 1.0)
    tilt (1.3)

PLATFORMS
  ruby

DEPENDENCIES
  pg
  sequel
  shotgun
  sinatra
  sqlite3
  thin

BUNDLED WITH
   1.10.3
