GEM
  remote: http://rubygems.org/
  specs:
    rack (1.2.1)
    sequel (3.15.0)
    sinatra (1.0)
      rack (>= 1.0)

PLATFORMS
  ruby

DEPENDENCIES
  sequel
  sinatra (= 1.0)
